PATH
  remote: .
  specs:
    pact_ruby_plugin (1.0.0)
      grpc (~> 1.5)

GEM
  remote: https://rubygems.org/
  specs:
    google-protobuf (3.21.12)
    googleapis-common-protos-types (1.4.0)
      google-protobuf (~> 3.14)
    grpc (1.50.0)
      google-protobuf (~> 3.21)
      googleapis-common-protos-types (~> 1.0)

PLATFORMS
  ruby

DEPENDENCIES
  bundler (>= 1.9)
  pact_ruby_plugin!

BUNDLED WITH
   2.1.4
